GEM
  remote: https://rubygems.org/
  specs:
    activemodel (5.1.2)
      activesupport (= 5.1.2)
    activerecord (5.1.2)
      activemodel (= 5.1.2)
      activesupport (= 5.1.2)
      arel (~> 8.0)
    activesupport (5.1.2)
      concurrent-ruby (~> 1.0, >= 1.0.2)
      i18n (~> 0.7)
      minitest (~> 5.1)
      tzinfo (~> 1.1)
    arel (8.0.0)
    coderay (1.1.2)
    concurrent-ruby (1.0.5)
    dante (0.2.0)
    highline (1.7.8)
    i18n (0.8.5)
    logger (1.2.8)
    method_source (0.9.0)
    minitest (5.10.2)
    net-ping (2.0.1)
    pry (0.11.1)
      coderay (~> 1.1.0)
      method_source (~> 0.9.0)
    sqlite3 (1.3.13)
    thread_safe (0.3.6)
    tzinfo (1.2.3)
      thread_safe (~> 0.1)

PLATFORMS
  ruby

DEPENDENCIES
  activerecord
  dante
  highline
  logger
  net-ping
  pry
  sqlite3

BUNDLED WITH
   1.15.4
